GEM
  remote: https://rubygems.org/
  specs:
    gruff (0.5.1)
      rmagick
    mini_portile (0.6.2)
    mysql2 (0.3.18)
    nokogiri (1.6.6.2)
      mini_portile (~> 0.6.0)
    rmagick (2.15.0)

PLATFORMS
  ruby

DEPENDENCIES
  gruff
  mysql2
  nokogiri
